GEM
  remote: http://rubygems.org/
  specs:
    crack (0.3.2)
    httparty (0.10.0)
      multi_json (~> 1.0)
      multi_xml
    mime-types (1.19)
    multi_json (1.5.0)
    multi_xml (0.5.2)
    nokogiri (1.5.6)
    rest-client (1.6.7)
      mime-types (>= 1.16)
    ruby_reddit_api (0.2.6)
      httparty

PLATFORMS
  ruby

DEPENDENCIES
  crack
  nokogiri
  rest-client
  ruby_reddit_api
